GEM
  remote: https://rubygems.org/
  specs:
    rake (12.1.0)

PLATFORMS
  ruby

DEPENDENCIES
  rake

BUNDLED WITH
   1.15.4
